GIT
  remote: https://github.com/factor-io/factor.git
  revision: 6118ab4b76e0a8fe8a2ceab1369a2403e7380695
  specs:
    factor (3.0.0)
      commander (~> 4.4.0)
      concurrent-ruby (~> 1.0.2)
      configatron (~> 4.5.0)
      rainbow (~> 2.1.0)

PATH
  remote: .
  specs:
    factor-connector-web (0.3.01)
      rest-client (~> 1.8.0)
      websockethook (~> 0.2.02)

GEM
  remote: https://rubygems.org/
  specs:
    addressable (2.4.0)
    codeclimate-test-reporter (0.5.2)
      simplecov (>= 0.7.1, < 1.0.0)
    commander (4.4.0)
      highline (~> 1.7.2)
    concurrent-ruby (1.0.2)
    configatron (4.5.0)
    crack (0.4.3)
      safe_yaml (~> 1.0.0)
    diff-lcs (1.2.5)
    docile (1.1.5)
    domain_name (0.5.20160615)
      unf (>= 0.0.5, < 1.0.0)
    event_emitter (0.2.5)
    hashdiff (0.3.0)
    highline (1.7.8)
    http-cookie (1.0.2)
      domain_name (~> 0.5)
    json (1.8.3)
    mime-types (2.99.2)
    netrc (0.11.0)
    rainbow (2.1.0)
    rake (11.2.2)
    rest-client (1.8.0)
      http-cookie (>= 1.0.2, < 2.0)
      mime-types (>= 1.16, < 3.0)
      netrc (~> 0.7)
    rspec (3.4.0)
      rspec-core (~> 3.4.0)
      rspec-expectations (~> 3.4.0)
      rspec-mocks (~> 3.4.0)
    rspec-core (3.4.4)
      rspec-support (~> 3.4.0)
    rspec-expectations (3.4.0)
      diff-lcs (>= 1.2.0, < 2.0)
      rspec-support (~> 3.4.0)
    rspec-mocks (3.4.1)
      diff-lcs (>= 1.2.0, < 2.0)
      rspec-support (~> 3.4.0)
    rspec-support (3.4.1)
    rspec-wait (0.0.8)
      rspec (>= 2.11, < 3.5)
    safe_yaml (1.0.4)
    simplecov (0.11.2)
      docile (~> 1.1.0)
      json (~> 1.8)
      simplecov-html (~> 0.10.0)
    simplecov-html (0.10.0)
    unf (0.1.4)
      unf_ext
    unf_ext (0.0.7.2)
    webmock (2.1.0)
      addressable (>= 2.3.6)
      crack (>= 0.3.2)
      hashdiff
    websocket (1.2.3)
    websocket-client-simple (0.3.0)
      event_emitter
      websocket
    websockethook (0.2.02)
      websocket-client-simple (~> 0.3.0)

PLATFORMS
  ruby

DEPENDENCIES
  codeclimate-test-reporter (~> 0.5.2)
  factor!
  factor-connector-web!
  rake (~> 11.2.2)
  rspec (~> 3.4.0)
  rspec-wait (~> 0.0.8)
  webmock (~> 2.1.0)

BUNDLED WITH
   1.11.2
